PATH
  remote: .
  specs:
    shkuph (0.0.1)

GEM
  remote: http://rubygems.org/
  specs:
    archive-tar-minitar (0.5.2)
    bluecloth (2.0.9)
    columnize (0.3.2)
    linecache19 (0.5.11)
      ruby_core_source (>= 0.1.4)
    mg (0.0.8)
      rake
    rake (0.8.7)
    rcov (0.9.9)
    ruby-debug-base19 (0.11.24)
      columnize (>= 0.3.1)
      linecache19 (>= 0.5.11)
      ruby_core_source (>= 0.1.4)
    ruby-debug19 (0.11.6)
      columnize (>= 0.3.1)
      linecache19 (>= 0.5.11)
      ruby-debug-base19 (>= 0.11.19)
    ruby_core_source (0.1.4)
      archive-tar-minitar (>= 0.5.2)
    shoulda (2.11.3)
    yard (0.6.1)

PLATFORMS
  ruby

DEPENDENCIES
  bluecloth
  mg
  rcov
  ruby-debug19
  shkuph!
  shoulda
  yard
