PATH
  remote: .
  specs:
    shkuph (0.1.0)

GEM
  remote: http://rubygems.org/
  specs:
    shoulda (2.11.3)

PLATFORMS
  ruby

DEPENDENCIES
  shkuph!
  shoulda
