PATH
  remote: .
  specs:
    shkuph (0.1.3)

GEM
  remote: http://rubygems.org/
  specs:
    shoulda (2.11.3)
    tokyocabinet (1.29)

PLATFORMS
  ruby

DEPENDENCIES
  shkuph!
  shoulda
  tokyocabinet
